PATH
  remote: .
  specs:
    rails-assets-sir-trevor-js (0.4.3)
      rails-assets-Eventable (~> 1.0.1)
      rails-assets-es5-shim (~> 4.0.3)
      rails-assets-es6-shim (~> 0.21.0)
      rails-assets-jquery (~> 1.9.1)

GEM
  remote: https://rubygems.org/
  remote: https://rails-assets.org/
  specs:
    rails-assets-Eventable (1.0.5)
    rails-assets-es5-shim (4.0.6)
    rails-assets-es6-shim (0.21.1)
    rails-assets-jquery (1.9.1)
    rake (10.4.2)

PLATFORMS
  ruby

DEPENDENCIES
  bundler (~> 1.3)
  rails-assets-sir-trevor-js!
  rake

BUNDLED WITH
   1.10.6
